GEM
  remote: https://rubygems.org/
  specs:
    activemodel (3.1.12)
      activesupport (= 3.1.12)
      builder (~> 3.0.0)
      i18n (~> 0.6)
    activerecord (3.1.12)
      activemodel (= 3.1.12)
      activesupport (= 3.1.12)
      arel (~> 2.2.3)
      tzinfo (~> 0.3.29)
    activesupport (3.1.12)
      multi_json (~> 1.0)
    arel (2.2.3)
    builder (3.0.4)
    i18n (0.6.5)
    logger (1.2.8)
    mini_portile (0.5.1)
    multi_json (1.8.0)
    mysql2 (0.3.13)
    nokogiri (1.6.0)
      mini_portile (~> 0.5.0)
    rack (1.5.2)
    rack-protection (1.5.0)
      rack
    sinatra (1.4.3)
      rack (~> 1.4)
      rack-protection (~> 1.4)
      tilt (~> 1.3, >= 1.3.4)
    tilt (1.4.1)
    tzinfo (0.3.37)

PLATFORMS
  ruby

DEPENDENCIES
  activerecord (~> 3.1.0)
  logger (~> 1.2.8)
  mysql2 (~> 0.3)
  nokogiri (~> 1.6.0)
  sinatra
